PATH
  remote: .
  specs:
    dreamy (0.5.7)
      nokogiri
      terminal-table (>= 1.0.5)
      uuid (>= 2.0.1)

GEM
  remote: http://rubygems.org/
  specs:
    macaddr (1.7.2)
      systemu (~> 2.6.5)
    nokogiri (1.15.6-x86_64-darwin)
      racc (~> 1.4)
    racc (1.8.0)
    rake (10.0.3)
    shoulda (2.11.3)
    systemu (2.6.5)
    terminal-table (3.0.2)
      unicode-display_width (>= 1.1.1, < 3)
    unicode-display_width (2.5.0)
    uuid (2.3.9)
      macaddr (~> 1.0)

PLATFORMS
  ruby

DEPENDENCIES
  dreamy!
  rake
  shoulda

BUNDLED WITH
   2.1.4
